PATH
  remote: .
  specs:
    zoekt-helper (0.0.0)
      cheetah
      docopt

GEM
  remote: https://rubygems.org/
  specs:
    abstract_method (1.2.1)
    cheetah (0.5.0)
      abstract_method (~> 1.2)
    docopt (0.6.0)

PLATFORMS
  ruby

DEPENDENCIES
  zoekt-helper!

BUNDLED WITH
   1.15.1
