PATH
  remote: .
  specs:
    zoekt-helper (0.0.7)
      cheetah (~> 0)
      docopt (~> 0)

GEM
  remote: https://rubygems.org/
  specs:
    abstract_method (1.2.1)
    cheetah (0.5.0)
      abstract_method (~> 1.2)
    docopt (0.6.1)

PLATFORMS
  ruby

DEPENDENCIES
  zoekt-helper!

BUNDLED WITH
   1.16.0
