PATH
  remote: .
  specs:
    zoekt-helper (0.0.0)

GEM
  remote: https://rubygems.org/
  specs:

PLATFORMS
  ruby

DEPENDENCIES
  zoekt-helper!

BUNDLED WITH
   1.15.1
